GEM
  remote: http://rubygems.org/
  specs:
    addressable (2.2.6)
    builder (3.0.0)
    cucumber (1.1.3)
      builder (>= 2.1.2)
      diff-lcs (>= 1.1.2)
      gherkin (~> 2.6.7)
      json (>= 1.4.6)
      term-ansicolor (>= 1.0.6)
    curb (0.7.16)
    daemons (1.1.4)
    diff-lcs (1.1.3)
    eventmachine (0.12.10)
    gherkin (2.6.7)
      json (>= 1.4.6)
    highline (1.6.8)
    httpclient (2.2.4)
    interact (0.3)
    json (1.6.3)
    json_pure (1.5.4)
      spruz (~> 0.2.8)
    mime-types (1.17.2)
    nats (0.4.10)
      daemons (>= 1.1.0)
      eventmachine (>= 0.12.10)
      json_pure (>= 1.5.1)
    nokogiri (1.5.0)
    rake (0.9.2.2)
    rest-client (1.6.7)
      mime-types (>= 1.16)
    rspec (1.3.0)
    rubyzip (0.9.5)
    rubyzip2 (2.0.2)
    spruz (0.2.13)
    term-ansicolor (1.0.7)
    terminal-table (1.4.4)
    vmc (0.3.15.beta.1)
      addressable (~> 2.2.6)
      interact (~> 0.3.0)
      json_pure (~> 1.5.1)
      rest-client (>= 1.6.1, < 1.7.0)
      rubyzip2 (~> 2.0.1)
      terminal-table (~> 1.4.2)

PLATFORMS
  ruby

DEPENDENCIES
  cucumber (= 1.1.3)
  curb
  gherkin (= 2.6.7)
  highline
  httpclient
  json
  nats
  nokogiri
  rake
  rest-client
  rspec (= 1.3.0)
  rubyzip (~> 0.9.4)
  terminal-table
  vmc (>= 0.3.15.beta1)
